PATH
  remote: .
  specs:
    MeteoInfo (0.0.1)
      gli (= 2.16.0)

GEM
  remote: https://rubygems.org/
  specs:
    gli (2.16.0)
    minitest (5.10.1)
    rake (12.0.0)

PLATFORMS
  ruby

DEPENDENCIES
  MeteoInfo!
  minitest
  rake
